GEM
  remote: https://rubygems.org/
  specs:
    cassandra-driver (3.2.3)
      ione (~> 1.2)
    concurrent-ruby (1.1.6)
    faker (2.10.1)
      i18n (>= 1.6, < 2)
    i18n (1.8.2)
      concurrent-ruby (~> 1.0)
    ione (1.2.4)

PLATFORMS
  ruby

DEPENDENCIES
  cassandra-driver
  faker

BUNDLED WITH
   2.0.2
