GEM
  remote: https://rubygems.org/
  specs:
    cassandra-driver (3.2.3)
      ione (~> 1.2)
    concurrent-ruby (1.1.6)
    faker (2.10.1)
      i18n (>= 1.6, < 2)
    i18n (1.8.2)
      concurrent-ruby (~> 1.0)
    ione (1.2.4)
    mysql2 (0.5.3)
    parallel (1.19.1)

PLATFORMS
  ruby

DEPENDENCIES
  cassandra-driver
  faker
  mysql2
  parallel

BUNDLED WITH
   2.1.2
